GEM
  remote: https://rubygems.org/
  specs:
    coderay (1.1.1)
    httparty (0.14.0)
      multi_xml (>= 0.5.2)
    method_source (0.8.2)
    mini_portile2 (2.1.0)
    multi_xml (0.6.0)
    nokogiri (1.7.0.1)
      mini_portile2 (~> 2.1.0)
    pry (0.10.4)
      coderay (~> 1.1.0)
      method_source (~> 0.8.1)
      slop (~> 3.4)
    redis (3.3.3)
    slop (3.6.0)
    zip (2.0.2)

PLATFORMS
  ruby

DEPENDENCIES
  httparty
  nokogiri
  pry
  redis
  zip

RUBY VERSION
   ruby 2.3.1p112

BUNDLED WITH
   1.13.6
